GEM
  remote: https://rubygems.org/
  specs:
    ruby2d (0.11.1)

PLATFORMS
  x64-mingw32

DEPENDENCIES
  ruby2d (~> 0.11.1)

BUNDLED WITH
   2.2.32
